GEM
  remote: https://rubygems.org/
  specs:
    rack (2.0.4)
    sqlite3 (1.3.13)

PLATFORMS
  ruby

DEPENDENCIES
  rack
  sqlite3

BUNDLED WITH
   1.16.0
