GEM
  remote: https://rubygems.org/
  specs:
    pg (1.0.0)
    puma (3.11.2)
    rack (2.0.4)

PLATFORMS
  ruby

DEPENDENCIES
  pg
  puma
  rack

BUNDLED WITH
   1.16.0
