GEM
  remote: https://rubygems.org/
  specs:
    byebug (10.0.0)
    coderay (1.1.2)
    method_source (0.9.0)
    pry (0.11.3)
      coderay (~> 1.1.0)
      method_source (~> 0.9.0)
    pry-byebug (3.6.0)
      byebug (~> 10.0)
      pry (~> 0.10)
    puma (3.11.2)
    rack (2.0.4)
    sqlite3 (1.3.13)

PLATFORMS
  ruby

DEPENDENCIES
  pry-byebug
  puma
  rack
  sqlite3

BUNDLED WITH
   1.16.0
